PATH
  remote: /Users/jevon/workspace/nitra
  specs:
    nitra (1.0.0)
      cucumber (>= 1.1.9)
      rspec

GEM
  remote: https://rubygems.org/
  specs:
    actionview (4.2.6)
      activesupport (= 4.2.6)
      builder (~> 3.1)
      erubis (~> 2.7.0)
      rails-dom-testing (~> 1.0, >= 1.0.5)
      rails-html-sanitizer (~> 1.0, >= 1.0.2)
    activemodel (4.2.6)
      activesupport (= 4.2.6)
      builder (~> 3.1)
    activerecord (4.2.6)
      activemodel (= 4.2.6)
      activesupport (= 4.2.6)
      arel (~> 6.0)
    activerecord-import (0.13.0)
      activerecord (>= 3.0)
    activesupport (4.2.6)
      i18n (~> 0.7)
      json (~> 1.7, >= 1.7.7)
      minitest (~> 5.1)
      thread_safe (~> 0.3, >= 0.3.4)
      tzinfo (~> 1.1)
    arel (6.0.3)
    builder (3.2.2)
    byebug (8.2.1)
    connection_pool (2.2.0)
    cucumber (2.4.0)
      builder (>= 2.1.2)
      cucumber-core (~> 1.5.0)
      cucumber-wire (~> 0.0.1)
      diff-lcs (>= 1.1.3)
      gherkin (~> 4.0)
      multi_json (>= 1.7.5, < 2.0)
      multi_test (>= 0.1.2)
    cucumber-core (1.5.0)
      gherkin (~> 4.0)
    cucumber-wire (0.0.1)
    diff-lcs (1.2.5)
    erubis (2.7.0)
    gherkin (4.0.0)
    haml (4.0.7)
      tilt
    i18n (0.7.0)
    json (1.8.3)
    logger (1.2.8)
    logger-colors (1.0.0)
    loofah (2.0.3)
      nokogiri (>= 1.5.9)
    mini_portile2 (2.0.0)
    minitest (5.9.0)
    multi_json (1.12.1)
    multi_test (0.1.2)
    nokogiri (1.6.7.2)
      mini_portile2 (~> 2.0.0.rc2)
    rails-deprecated_sanitizer (1.0.3)
      activesupport (>= 4.2.0.alpha)
    rails-dom-testing (1.0.7)
      activesupport (>= 4.2.0.beta, < 5.0)
      nokogiri (~> 1.6.0)
      rails-deprecated_sanitizer (>= 1.0.1)
    rails-html-sanitizer (1.0.3)
      loofah (~> 2.0)
    rspec (3.4.0)
      rspec-core (~> 3.4.0)
      rspec-expectations (~> 3.4.0)
      rspec-mocks (~> 3.4.0)
    rspec-collection_matchers (1.1.2)
      rspec-expectations (>= 2.99.0.beta1)
    rspec-core (3.4.1)
      rspec-support (~> 3.4.0)
    rspec-expectations (3.4.0)
      diff-lcs (>= 1.2.0, < 2.0)
      rspec-support (~> 3.4.0)
    rspec-mocks (3.4.0)
      diff-lcs (>= 1.2.0, < 2.0)
      rspec-support (~> 3.4.0)
    rspec-support (3.4.1)
    sass (3.4.20)
    sqlite3 (1.3.11)
    thread_safe (0.3.5)
    tilt (2.0.1)
    tzinfo (1.2.2)
      thread_safe (~> 0.1)

PLATFORMS
  ruby

DEPENDENCIES
  actionview
  activemodel
  activerecord
  activerecord-import
  activesupport
  byebug
  connection_pool
  haml
  logger
  logger-colors
  nitra!
  rspec
  rspec-collection_matchers
  sass
  sqlite3

BUNDLED WITH
   1.10.6
